GEM
  remote: https://rubygems.org/
  specs:
    dalli (2.7.10)
    kgio (2.11.2)
    mini_portile2 (2.4.0)
    nokogiri (1.10.10)
      mini_portile2 (~> 2.4.0)
    rack (2.0.7)
    raindrops (0.19.0)
    unicorn (5.5.1)
      kgio (~> 2.6)
      raindrops (~> 0.7)

PLATFORMS
  ruby

DEPENDENCIES
  dalli (~> 2.7)
  nokogiri (~> 1.10)
  rack (~> 2.0)
  unicorn (~> 5.5)

BUNDLED WITH
   2.0.1
