GEM
  remote: https://rubygems.org/
  specs:
    dalli (3.2.3)
    rack (2.2.4)
    shotgun (0.9.2)
      rack (>= 1.0)

PLATFORMS
  ruby

DEPENDENCIES
  dalli (~> 3.2)
  rack (~> 2.0)
  shotgun (~> 0.9.2)

BUNDLED WITH
   2.3.25
