GEM
  remote: https://rubygems.org/
  specs:
    dalli (2.7.11)
    rack (2.2.6.3)
    shotgun (0.9.2)
      rack (>= 1.0)

PLATFORMS
  ruby

DEPENDENCIES
  dalli (~> 2.7)
  rack (~> 2.2)
  shotgun (~> 0.9.2)

BUNDLED WITH
   2.3.25
