GEM
  remote: https://rubygems.org/
  specs:
    dalli (2.7.10)
    mini_portile2 (2.4.0)
    nokogiri (1.10.3)
      mini_portile2 (~> 2.4.0)
    rack (2.0.7)

PLATFORMS
  ruby

DEPENDENCIES
  dalli (~> 2.7)
  nokogiri (~> 1.10)
  rack (~> 2.0)

BUNDLED WITH
   2.0.1
