GEM
  remote: https://rubygems.org/
  specs:
    dalli (2.7.10)
    kgio (2.11.2)
    mini_portile2 (2.8.0)
    nokogiri (1.13.9)
      mini_portile2 (~> 2.8.0)
      racc (~> 1.4)
    racc (1.6.0)
    rack (2.0.7)
    raindrops (0.19.0)
    shotgun (0.9.2)
      rack (>= 1.0)
    unicorn (5.5.1)
      kgio (~> 2.6)
      raindrops (~> 0.7)

PLATFORMS
  ruby

DEPENDENCIES
  dalli (~> 2.7)
  nokogiri (~> 1.13)
  rack (~> 2.0)
  shotgun (~> 0.9.2)
  unicorn (~> 5.5)

BUNDLED WITH
   2.0.1
