GEM
  remote: https://rubygems.org/
  specs:
    dalli (2.7.10)
    kgio (2.11.2)
    mini_portile2 (2.6.1)
    nokogiri (1.12.5)
      mini_portile2 (~> 2.6.1)
      racc (~> 1.4)
    racc (1.5.2)
    rack (2.0.7)
    raindrops (0.19.0)
    unicorn (5.5.1)
      kgio (~> 2.6)
      raindrops (~> 0.7)

PLATFORMS
  ruby

DEPENDENCIES
  dalli (~> 2.7)
  nokogiri (~> 1.12)
  rack (~> 2.0)
  unicorn (~> 5.5)

BUNDLED WITH
   2.0.1
